PATH
  remote: .
  specs:
    future (0.0.1)

GEM
  remote: https://rubygems.org/
  specs:
    minitest (5.10.1)
    rake (12.0.0)

PLATFORMS
  java

DEPENDENCIES
  bundler
  future!
  minitest (>= 5.0.0)
  rake

BUNDLED WITH
   1.13.5
